GEM
  remote: https://rubygems.org/
  specs:
    bigdecimal (3.1.8)
    concurrent-ruby (1.3.4)
    dry-configurable (1.2.0)
      dry-core (~> 1.0, < 2)
      zeitwerk (~> 2.6)
    dry-core (1.0.1)
      concurrent-ruby (~> 1.0)
      zeitwerk (~> 2.6)
    dry-inflector (1.1.0)
    dry-initializer (3.1.1)
    dry-logic (1.5.0)
      concurrent-ruby (~> 1.0)
      dry-core (~> 1.0, < 2)
      zeitwerk (~> 2.6)
    dry-schema (1.13.4)
      concurrent-ruby (~> 1.0)
      dry-configurable (~> 1.0, >= 1.0.1)
      dry-core (~> 1.0, < 2)
      dry-initializer (~> 3.0)
      dry-logic (>= 1.4, < 2)
      dry-types (>= 1.7, < 2)
      zeitwerk (~> 2.6)
    dry-types (1.7.2)
      bigdecimal (~> 3.0)
      concurrent-ruby (~> 1.0)
      dry-core (~> 1.0)
      dry-inflector (~> 1.0)
      dry-logic (~> 1.4)
      zeitwerk (~> 2.6)
    dry-validation (1.10.0)
      concurrent-ruby (~> 1.0)
      dry-core (~> 1.0, < 2)
      dry-initializer (~> 3.0)
      dry-schema (>= 1.12, < 2)
      zeitwerk (~> 2.6)
    erubi (1.13.0)
    ffi (1.17.0-aarch64-linux-gnu)
    ffi (1.17.0-arm64-darwin)
    ffi (1.17.0-x86_64-darwin)
    ffi (1.17.0-x86_64-linux-gnu)
    listen (3.9.0)
      rb-fsevent (~> 0.10, >= 0.10.3)
      rb-inotify (~> 0.9, >= 0.9.10)
    logger (1.6.1)
    netrc (0.11.0)
    ostruct (0.6.0)
    parallel (1.25.1)
    prism (1.0.0)
    rb-fsevent (0.11.2)
    rb-inotify (0.11.1)
      ffi (~> 1.0)
    rbi (0.2.0)
      prism (~> 1.0)
      sorbet-runtime (>= 0.5.9204)
    sorbet (0.5.11471)
      sorbet-static (= 0.5.11471)
    sorbet-runtime (0.5.11471)
    sorbet-static (0.5.11471-universal-darwin)
    sorbet-static-and-runtime (0.5.11471)
      sorbet (= 0.5.11471)
      sorbet-runtime (= 0.5.11471)
    spoom (1.4.2)
      erubi (>= 1.10.0)
      prism (>= 0.28.0)
      sorbet-static-and-runtime (>= 0.5.10187)
      thor (>= 0.19.2)
    tapioca (0.16.2)
      bundler (>= 2.2.25)
      netrc (>= 0.11.0)
      parallel (>= 1.21.0)
      rbi (~> 0.2)
      sorbet-static-and-runtime (>= 0.5.11087)
      spoom (>= 1.2.0)
      thor (>= 1.2.0)
      yard-sorbet
    thor (1.3.2)
    yard (0.9.36)
    yard-sorbet (0.9.0)
      sorbet-runtime
      yard
    zeitwerk (2.6.18)

PLATFORMS
  aarch64-linux
  arm64-darwin
  universal-darwin
  x86_64-darwin
  x86_64-linux

DEPENDENCIES
  dry-validation
  listen (~> 3.3)
  logger
  ostruct
  sorbet (~> 0.5)
  sorbet-runtime
  tapioca

BUNDLED WITH
   2.5.20
